GIT
  remote: git@github.com:antonmi/job_reactor.git
  revision: d4a338f97bae5a33ad51193e6de9a59394576191
  specs:
    job_reactor (0.6.0)
      em-hiredis
      eventmachine
      redis

GEM
  remote: https://rubygems.org/
  specs:
    async_sinatra (1.1.0)
      rack (>= 1.4.1)
      sinatra (>= 1.3.2)
    coderay (1.0.9)
    daemons (1.1.9)
    em-hiredis (0.2.1)
      hiredis (~> 0.4.0)
    eventmachine (1.0.3)
    hiredis (0.4.5)
    method_source (0.8.1)
    pry (0.9.12.2)
      coderay (~> 1.0.5)
      method_source (~> 0.8)
      slop (~> 3.4)
    puma (2.1.1)
      rack (>= 1.1, < 2.0)
    rack (1.5.2)
    rack-protection (1.5.0)
      rack
    redis (3.0.4)
    sinatra (1.4.3)
      rack (~> 1.4)
      rack-protection (~> 1.4)
      tilt (~> 1.3, >= 1.3.4)
    slop (3.4.5)
    thin (1.5.1)
      daemons (>= 1.0.9)
      eventmachine (>= 0.12.6)
      rack (>= 1.0.0)
    tilt (1.4.1)

PLATFORMS
  ruby

DEPENDENCIES
  async_sinatra
  job_reactor!
  pry
  puma
  sinatra
  thin
